PATH
  remote: .
  specs:
    solana (0.1.0)
      base58 (~> 0.2.3)
      ed25519 (~> 1.3.0)

GEM
  remote: https://rubygems.org/
  specs:
    base58 (0.2.3)
    diff-lcs (1.5.0)
    ed25519 (1.3.0)
    rake (10.5.0)
    rspec (3.10.0)
      rspec-core (~> 3.10.0)
      rspec-expectations (~> 3.10.0)
      rspec-mocks (~> 3.10.0)
    rspec-core (3.10.1)
      rspec-support (~> 3.10.0)
    rspec-expectations (3.10.2)
      diff-lcs (>= 1.2.0, < 2.0)
      rspec-support (~> 3.10.0)
    rspec-mocks (3.10.2)
      diff-lcs (>= 1.2.0, < 2.0)
      rspec-support (~> 3.10.0)
    rspec-support (3.10.3)

PLATFORMS
  ruby

DEPENDENCIES
  bundler (~> 1.17)
  rake (~> 10.0)
  rspec (~> 3.10)
  solana!

BUNDLED WITH
   1.17.2
